PATH
  remote: .
  specs:
    pendragon (0.6.2)
      mustermann
      rack (>= 1.3.0)

GEM
  remote: https://rubygems.org/
  specs:
    metaclass (0.0.4)
    mocha (1.1.0)
      metaclass (~> 0.0.1)
    modulla (0.1.1)
    mustermann (0.4.0)
      tool (~> 0.2)
    power_assert (0.3.0)
    rack (1.5.5)
    rack-protection (1.5.3)
      rack
    rack-test (0.6.3)
      rack (>= 1.0)
    rake (11.3.0)
    sinatra (1.4.7)
      rack (~> 1.5)
      rack-protection (~> 1.4)
      tilt (>= 1.3, < 3)
    test-unit (3.2.1)
      power_assert
    tilt (2.0.5)
    tool (0.2.3)
    yard (0.9.5)

PLATFORMS
  ruby

DEPENDENCIES
  mocha
  modulla
  pendragon!
  rack-test
  rake
  sinatra
  test-unit
  yard

BUNDLED WITH
   1.12.5
